GEM
  remote: https://rubygems.org/
  specs:
    engtagger (0.2.0)
    mini_portile (0.6.0)
    nokogiri (1.6.3.1)
      mini_portile (= 0.6.0)

PLATFORMS
  ruby

DEPENDENCIES
  engtagger
  nokogiri
